GIT
  remote: https://github.com/sinatra/sinatra.git
  revision: 04a02ac2b7400ab456126dbfce5519cbc200b61a
  specs:
    rack-protection (2.0.7)
      rack
    sinatra (2.0.7)
      mustermann (~> 1.0)
      rack (~> 2.0)
      rack-protection (= 2.0.7)
      tilt (~> 2.0)

GEM
  remote: https://rubygems.org/
  specs:
    mustermann (1.0.3)
    rack (2.0.7)
    tilt (2.0.10)

PLATFORMS
  ruby

DEPENDENCIES
  sinatra!

RUBY VERSION
   ruby 2.4.1p111

BUNDLED WITH
   2.0.2
