GIT
  remote: git://github.com/sinatra/sinatra.git
  revision: 5e2e41f28395d68a922b60bc851951d46accf2b7
  specs:
    rack-protection (2.0.5)
      rack
    sinatra (2.0.5)
      mustermann (~> 1.0)
      rack (~> 2.0)
      rack-protection (= 2.0.5)
      tilt (~> 2.0)

GEM
  remote: https://rubygems.org/
  specs:
    mustermann (1.0.3)
    rack (2.0.7)
    tilt (2.0.9)

PLATFORMS
  ruby

DEPENDENCIES
  sinatra!

RUBY VERSION
   ruby 2.3.7p456

BUNDLED WITH
   2.0.1
